PATH
  remote: .
  specs:
    binnacle (0.4.9)
      addressable (~> 2.5)
      colorize (~> 0.8.1)
      faraday (~> 0.11)
      faye-websocket (~> 0.10, >= 0.10.4)
      httpclient (~> 2.8, >= 2.8.0)
      rack-timeout (~> 0.4, >= 0.4.2)
      trollop (~> 2.1, >= 2.1.2)

GEM
  remote: https://rubygems.org/
  remote: https://rails-assets.org/
  specs:
    addressable (2.5.1)
      public_suffix (~> 2.0, >= 2.0.2)
    codeclimate-test-reporter (1.0.7)
      simplecov
    colorize (0.8.1)
    crack (0.4.3)
      safe_yaml (~> 1.0.0)
    daemons (1.2.4)
    diff-lcs (1.3)
    docile (1.1.5)
    domain_name (0.5.20170404)
      unf (>= 0.0.5, < 1.0.0)
    ethon (0.10.1)
      ffi (>= 1.3.0)
    eventmachine (1.2.3)
    excon (0.57.1)
    faraday (0.12.1)
      multipart-post (>= 1.2, < 3)
    faye-websocket (0.10.7)
      eventmachine (>= 0.12.0)
      websocket-driver (>= 0.5.1)
    ffi (1.9.18)
    fivemat (1.3.5)
    hashdiff (0.3.4)
    http (2.2.2)
      addressable (~> 2.3)
      http-cookie (~> 1.0)
      http-form_data (~> 1.0.1)
      http_parser.rb (~> 0.6.0)
    http-cookie (1.0.3)
      domain_name (~> 0.5)
    http-form_data (1.0.3)
    http_parser.rb (0.6.0)
    httparty (0.15.5)
      multi_xml (>= 0.5.2)
    httpclient (2.8.3)
    json (2.1.0)
    multi_xml (0.6.0)
    multipart-post (2.0.0)
    patron (0.8.0)
    public_suffix (2.0.5)
    rack (2.0.3)
    rack-timeout (0.4.2)
    rails-assets-atmosphere (2.3.2)
    rails-assets-base64 (1.0.0)
    rails-assets-binnacle (0.2.6)
      rails-assets-atmosphere (= 2.3.2)
      rails-assets-base64 (= 1.0.0)
      rails-assets-firebase (= 3.7.1)
      rails-assets-moment (= 2.18.0)
    rails-assets-firebase (3.7.1)
    rails-assets-moment (2.18.0)
    rake (10.5.0)
    rspec (3.6.0)
      rspec-core (~> 3.6.0)
      rspec-expectations (~> 3.6.0)
      rspec-mocks (~> 3.6.0)
    rspec-collection_matchers (1.1.3)
      rspec-expectations (>= 2.99.0.beta1)
    rspec-core (3.6.0)
      rspec-support (~> 3.6.0)
    rspec-expectations (3.6.0)
      diff-lcs (>= 1.2.0, < 2.0)
      rspec-support (~> 3.6.0)
    rspec-mocks (3.6.0)
      diff-lcs (>= 1.2.0, < 2.0)
      rspec-support (~> 3.6.0)
    rspec-support (3.6.0)
    rspec-wait (0.0.9)
      rspec (>= 3, < 4)
    safe_yaml (1.0.4)
    simplecov (0.14.1)
      docile (~> 1.1.0)
      json (>= 1.8, < 3)
      simplecov-html (~> 0.10.0)
    simplecov-html (0.10.1)
    thin (1.7.1)
      daemons (~> 1.0, >= 1.0.9)
      eventmachine (~> 1.0, >= 1.0.4)
      rack (>= 1, < 3)
    trollop (2.1.2)
    typhoeus (1.1.2)
      ethon (>= 0.9.0)
    unf (0.1.4)
      unf_ext
    unf_ext (0.0.7.4)
    vcr (3.0.3)
    webmock (2.3.2)
      addressable (>= 2.3.6)
      crack (>= 0.3.2)
      hashdiff
    websocket-driver (0.6.5)
      websocket-extensions (>= 0.1.0)
    websocket-extensions (0.1.2)

PLATFORMS
  ruby

DEPENDENCIES
  binnacle!
  bundler (~> 1.10)
  codeclimate-test-reporter (~> 1.0, >= 1.0.7)
  ethon (~> 0.10)
  excon (~> 0.55)
  fivemat (~> 1.3, >= 1.3.2)
  http (~> 2.2)
  httparty (~> 0.14)
  patron (~> 0.8)
  rack (~> 2.0)
  rails-assets-binnacle (>= 0.2.6)!
  rake (~> 10.5)
  rspec (~> 3.5, >= 3.2.0)
  rspec-collection_matchers (~> 1.1, >= 1.1.2)
  rspec-wait (~> 0.0.9)
  simplecov (~> 0.14)
  thin (~> 1.7)
  typhoeus (~> 1.1)
  vcr (~> 3.0)
  webmock (~> 2.3)

BUNDLED WITH
   1.14.6
