PATH
  remote: .
  specs:
    binnacle (0.0.1)
      faraday (~> 0.9.1)

GEM
  remote: https://rubygems.org/
  specs:
    faraday (0.9.1)
      multipart-post (>= 1.2, < 3)
    httplog (0.2.7)
    multipart-post (2.0.0)
    rake (10.4.2)

PLATFORMS
  ruby

DEPENDENCIES
  binnacle!
  bundler (~> 1.7)
  httplog (~> 0.2.7)
  rake (~> 10.0)
