PATH
  remote: .
  specs:
    binnacle (0.3.3)
      faraday (~> 0.9.1)
      faye-websocket (~> 0.10.0)
      httpclient (~> 2.6.0.1)
      rack-timeout (~> 0.3.2)
      trollop (~> 2.1.2)

GEM
  remote: https://rubygems.org/
  specs:
    addressable (2.3.8)
    codeclimate-test-reporter (0.4.8)
      simplecov (>= 0.7.1, < 1.0.0)
    crack (0.4.2)
      safe_yaml (~> 1.0.0)
    diff-lcs (1.2.5)
    docile (1.1.5)
    eventmachine (1.0.8)
    faraday (0.9.2)
      multipart-post (>= 1.2, < 3)
    faye-websocket (0.10.0)
      eventmachine (>= 0.12.0)
      websocket-driver (>= 0.5.1)
    fivemat (1.3.2)
    httpclient (2.6.0.1)
    json (1.8.3)
    multipart-post (2.0.0)
    rack (1.6.4)
    rack-timeout (0.3.2)
    rake (10.4.2)
    rspec (3.2.0)
      rspec-core (~> 3.2.0)
      rspec-expectations (~> 3.2.0)
      rspec-mocks (~> 3.2.0)
    rspec-collection_matchers (1.1.2)
      rspec-expectations (>= 2.99.0.beta1)
    rspec-core (3.2.3)
      rspec-support (~> 3.2.0)
    rspec-expectations (3.2.1)
      diff-lcs (>= 1.2.0, < 2.0)
      rspec-support (~> 3.2.0)
    rspec-mocks (3.2.1)
      diff-lcs (>= 1.2.0, < 2.0)
      rspec-support (~> 3.2.0)
    rspec-support (3.2.2)
    safe_yaml (1.0.4)
    simplecov (0.10.0)
      docile (~> 1.1.0)
      json (~> 1.8)
      simplecov-html (~> 0.10.0)
    simplecov-html (0.10.0)
    trollop (2.1.2)
    vcr (2.9.3)
    webmock (1.20.4)
      addressable (>= 2.3.6)
      crack (>= 0.3.2)
    websocket-driver (0.6.2)
      websocket-extensions (>= 0.1.0)
    websocket-extensions (0.1.2)

PLATFORMS
  ruby

DEPENDENCIES
  binnacle!
  bundler (~> 1.7)
  codeclimate-test-reporter
  fivemat
  rack
  rake (~> 10.0)
  rspec (~> 3.2.0)
  rspec-collection_matchers (~> 1.1, >= 1.1.2)
  simplecov
  vcr (~> 2.9.3)
  webmock (~> 1.20.4)

BUNDLED WITH
   1.10.2
