PATH
  remote: .
  specs:
    binnacle (0.4.1)
      addressable (~> 2.3)
      faraday (~> 0.9.2)
      faye-websocket (~> 0.10.2)
      httpclient (~> 2.7, >= 2.7.1)
      rack-timeout (~> 0.3.2)
      trollop (~> 2.1, >= 2.1.2)

GEM
  remote: https://rubygems.org/
  specs:
    addressable (2.4.0)
    codeclimate-test-reporter (0.4.8)
      simplecov (>= 0.7.1, < 1.0.0)
    crack (0.4.3)
      safe_yaml (~> 1.0.0)
    daemons (1.2.3)
    diff-lcs (1.2.5)
    docile (1.1.5)
    domain_name (0.5.20160128)
      unf (>= 0.0.5, < 1.0.0)
    ethon (0.8.1)
      ffi (>= 1.3.0)
    eventmachine (1.0.9.1)
    excon (0.45.4)
    faraday (0.9.2)
      multipart-post (>= 1.2, < 3)
    faye-websocket (0.10.2)
      eventmachine (>= 0.12.0)
      websocket-driver (>= 0.5.1)
    ffi (1.9.10)
    fivemat (1.3.2)
    hashdiff (0.2.3)
    http (1.0.2)
      addressable (~> 2.3)
      http-cookie (~> 1.0)
      http-form_data (~> 1.0.1)
      http_parser.rb (~> 0.6.0)
    http-cookie (1.0.2)
      domain_name (~> 0.5)
    http-form_data (1.0.1)
    http_parser.rb (0.6.0)
    httparty (0.13.7)
      json (~> 1.8)
      multi_xml (>= 0.5.2)
    httpclient (2.7.1)
    json (1.8.3)
    multi_xml (0.5.5)
    multipart-post (2.0.0)
    patron (0.5.0)
    rack (1.6.4)
    rack-timeout (0.3.2)
    rake (10.5.0)
    rspec (3.2.0)
      rspec-core (~> 3.2.0)
      rspec-expectations (~> 3.2.0)
      rspec-mocks (~> 3.2.0)
    rspec-collection_matchers (1.1.2)
      rspec-expectations (>= 2.99.0.beta1)
    rspec-core (3.2.3)
      rspec-support (~> 3.2.0)
    rspec-expectations (3.2.1)
      diff-lcs (>= 1.2.0, < 2.0)
      rspec-support (~> 3.2.0)
    rspec-mocks (3.2.1)
      diff-lcs (>= 1.2.0, < 2.0)
      rspec-support (~> 3.2.0)
    rspec-support (3.2.2)
    rspec-wait (0.0.8)
      rspec (>= 2.11, < 3.5)
    safe_yaml (1.0.4)
    simplecov (0.11.1)
      docile (~> 1.1.0)
      json (~> 1.8)
      simplecov-html (~> 0.10.0)
    simplecov-html (0.10.0)
    thin (1.6.4)
      daemons (~> 1.0, >= 1.0.9)
      eventmachine (~> 1.0, >= 1.0.4)
      rack (~> 1.0)
    trollop (2.1.2)
    typhoeus (1.0.1)
      ethon (>= 0.8.0)
    unf (0.1.4)
      unf_ext
    unf_ext (0.0.7.1)
    vcr (2.9.3)
    webmock (1.22.6)
      addressable (>= 2.3.6)
      crack (>= 0.3.2)
      hashdiff
    websocket-driver (0.6.3)
      websocket-extensions (>= 0.1.0)
    websocket-extensions (0.1.2)

PLATFORMS
  ruby

DEPENDENCIES
  binnacle!
  bundler (~> 1.7)
  codeclimate-test-reporter (~> 0.4.8)
  ethon (~> 0.8.1)
  excon (~> 0.45.4)
  fivemat (~> 1.3, >= 1.3.2)
  http (~> 1.0, >= 1.0.2)
  httparty (~> 0.13.7)
  patron (~> 0.5.0)
  rack (~> 1.6, >= 1.6.4)
  rake (~> 10.0)
  rspec (~> 3.2, >= 3.2.0)
  rspec-collection_matchers (~> 1.1, >= 1.1.2)
  rspec-wait (~> 0.0.8)
  simplecov (~> 0.11.1)
  thin (~> 1.6, >= 1.6.4)
  typhoeus (~> 1.0, >= 1.0.1)
  vcr (~> 2.9, >= 2.9.3)
  webmock (~> 1.22, >= 1.22.6)

BUNDLED WITH
   1.10.2
